PATH
  remote: .
  specs:
    vpos (2.0.0)
      faraday (~> 2.3)
      rspec (~> 3.11, >= 3.11.0)

GEM
  remote: https://rubygems.org/
  specs:
    diff-lcs (1.5.0)
    faraday (2.3.0)
      faraday-net_http (~> 2.0)
      ruby2_keywords (>= 0.0.4)
    faraday-net_http (2.0.3)
    rake (12.3.3)
    rspec (3.11.0)
      rspec-core (~> 3.11.0)
      rspec-expectations (~> 3.11.0)
      rspec-mocks (~> 3.11.0)
    rspec-core (3.11.0)
      rspec-support (~> 3.11.0)
    rspec-expectations (3.11.0)
      diff-lcs (>= 1.2.0, < 2.0)
      rspec-support (~> 3.11.0)
    rspec-mocks (3.11.1)
      diff-lcs (>= 1.2.0, < 2.0)
      rspec-support (~> 3.11.0)
    rspec-support (3.11.0)
    ruby2_keywords (0.0.5)

PLATFORMS
  ruby

DEPENDENCIES
  bundler (~> 2.2, >= 2.2.3)
  rake (~> 12.3, >= 12.3.3)
  vpos!

BUNDLED WITH
   2.2.27
